PATH
  remote: .
  specs:
    rails-erd (0.5.0pre)
      activerecord (~> 3.0)
      activesupport (~> 3.0)
      choice (~> 0.1.4)
      ruby-graphviz (~> 1.0)

GEM
  remote: http://rubygems.org/
  specs:
    activemodel (3.0.8)
      activesupport (= 3.0.8)
      builder (~> 2.1.2)
      i18n (~> 0.5.0)
    activerecord (3.0.8)
      activemodel (= 3.0.8)
      activesupport (= 3.0.8)
      arel (~> 2.0.10)
      tzinfo (~> 0.3.23)
    activerecord-jdbc-adapter (1.1.1)
    activesupport (3.0.8)
    arel (2.0.10)
    bouncy-castle-java (1.5.0146.1)
    builder (2.1.2)
    choice (0.1.4)
    i18n (0.5.0)
    jdbc-sqlite3 (3.6.14.2.056-java)
    jruby-openssl (0.7.4)
      bouncy-castle-java
    rake (0.9.2)
    ruby-graphviz (1.0.0)
    sqlite3 (1.3.3)
    tzinfo (0.3.28)

PLATFORMS
  java
  ruby

DEPENDENCIES
  activerecord-jdbc-adapter
  jdbc-sqlite3
  jruby-openssl
  rails-erd!
  rake (~> 0.9)
  sqlite3
