PATH
  remote: .
  specs:
    rails-erd (0.4.1)
      activerecord (~> 3.0)
      activesupport (~> 3.0)
      ruby-graphviz (~> 0.9.18)

GEM
  remote: http://rubygems.org/
  specs:
    activemodel (3.0.3)
      activesupport (= 3.0.3)
      builder (~> 2.1.2)
      i18n (~> 0.4)
    activerecord (3.0.3)
      activemodel (= 3.0.3)
      activesupport (= 3.0.3)
      arel (~> 2.0.2)
      tzinfo (~> 0.3.23)
    activerecord-jdbc-adapter (1.0.0.beta2-java)
    activesupport (3.0.3)
    arel (2.0.4)
    bouncy-castle-java (1.5.0145.2)
    builder (2.1.2)
    git (1.2.5)
    i18n (0.4.2)
    jdbc-sqlite3 (3.6.14.2.056-java)
    jeweler (1.5.1)
      bundler (~> 1.0.0)
      git (>= 1.2.5)
      rake
    jruby-openssl (0.7.2)
      bouncy-castle-java
    rake (0.8.7)
    ruby-graphviz (0.9.20)
    sqlite3-ruby (1.3.2)
    tzinfo (0.3.23)

PLATFORMS
  java
  ruby

DEPENDENCIES
  activerecord
  activerecord-jdbc-adapter (= 1.0.0.beta2)
  activesupport
  jdbc-sqlite3
  jeweler
  jruby-openssl
  rails-erd!
  rake
  sqlite3-ruby
