PATH
  remote: .
  specs:
    rails-erd (1.0.0)
      activerecord (>= 3.0)
      activesupport (>= 3.0)
      choice (~> 0.1.6)
      ruby-graphviz (~> 1.0.4)

GEM
  remote: http://rubygems.org/
  specs:
    activemodel (3.2.6)
      activesupport (= 3.2.6)
      builder (~> 3.0.0)
    activerecord (3.2.6)
      activemodel (= 3.2.6)
      activesupport (= 3.2.6)
      arel (~> 3.0.2)
      tzinfo (~> 0.3.29)
    activerecord-jdbc-adapter (1.2.2)
    activesupport (3.2.6)
      i18n (~> 0.6)
      multi_json (~> 1.0)
    arel (3.0.2)
    bouncy-castle-java (1.5.0146.1)
    builder (3.0.0)
    choice (0.1.6)
    i18n (0.6.0)
    jdbc-sqlite3 (3.7.2)
    jruby-openssl (0.7.7)
      bouncy-castle-java (>= 1.5.0146.1)
    multi_json (1.3.6)
    rake (0.9.2.2)
    redcarpet (2.1.1)
    ruby-graphviz (1.0.8)
    sqlite3 (1.3.6)
    tzinfo (0.3.33)
    yard (0.8.2.1)

PLATFORMS
  java
  ruby

DEPENDENCIES
  activerecord-jdbc-adapter
  jdbc-sqlite3
  jruby-openssl
  rails-erd!
  rake (~> 0.9)
  redcarpet
  sqlite3
  yard
