PATH
  remote: .
  specs:
    rails-erd (0.4.0)
      activerecord (~> 3.0)
      activesupport (~> 3.0)
      ruby-graphviz (~> 0.9.18)

GEM
  remote: http://rubygems.org/
  specs:
    activemodel (3.0.0)
      activesupport (= 3.0.0)
      builder (~> 2.1.2)
      i18n (~> 0.4.1)
    activerecord (3.0.0)
      activemodel (= 3.0.0)
      activesupport (= 3.0.0)
      arel (~> 1.0.0)
      tzinfo (~> 0.3.23)
    activerecord-jdbc-adapter (1.0.0.beta2-java)
    activesupport (3.0.0)
    arel (1.0.1)
      activesupport (~> 3.0.0)
    bouncy-castle-java (1.5.0145.2)
    builder (2.1.2)
    gemcutter (0.6.1)
    git (1.2.5)
    i18n (0.4.1)
    jdbc-sqlite3 (3.6.3.054)
    jeweler (1.4.0)
      gemcutter (>= 0.1.0)
      git (>= 1.2.5)
      rubyforge (>= 2.0.0)
    jruby-openssl (0.7.1)
      bouncy-castle-java
    json_pure (1.4.6)
    rake (0.8.7)
    ruby-graphviz (0.9.18)
    rubyforge (2.0.4)
      json_pure (>= 1.1.7)
    sqlite3-ruby (1.3.1)
    tzinfo (0.3.23)

PLATFORMS
  java
  ruby

DEPENDENCIES
  activerecord
  activerecord-jdbc-adapter (= 1.0.0.beta2)
  activesupport
  jdbc-sqlite3
  jeweler
  jruby-openssl
  rails-erd!
  rake
  sqlite3-ruby
