GIT
  remote: git://github.com/rails/active_record_deprecated_finders.git
  revision: 267cd0efbbb9687ff376b5434da75bf2958ba703
  specs:
    active_record_deprecated_finders (0.0.1)

GIT
  remote: git://github.com/rails/rails.git
  revision: 3b3ca133071419a42c0b1f55c96fc604ff73f2ac
  specs:
    activemodel (4.0.0.beta)
      activesupport (= 4.0.0.beta)
      builder (~> 3.0.0)
    activerecord (4.0.0.beta)
      active_record_deprecated_finders (= 0.0.1)
      activemodel (= 4.0.0.beta)
      activesupport (= 4.0.0.beta)
      arel (~> 3.0.2)
    activesupport (4.0.0.beta)
      i18n (~> 0.6)
      minitest (~> 3.2)
      multi_json (~> 1.3)
      tzinfo (~> 0.3.33)

PATH
  remote: .
  specs:
    rails-erd (0.5.0pre)
      activerecord (>= 3.0)
      activesupport (>= 3.0)
      choice (~> 0.1.4)
      ruby-graphviz (~> 1.0.4)

GEM
  remote: http://rubygems.org/
  specs:
    activerecord-jdbc-adapter (1.1.1)
    arel (3.0.2)
    bouncy-castle-java (1.5.0146.1)
    builder (3.0.0)
    choice (0.1.6)
    i18n (0.6.0)
    jdbc-sqlite3 (3.6.14.2.056-java)
    jruby-openssl (0.7.4)
      bouncy-castle-java
    minitest (3.2.0)
    multi_json (1.3.6)
    rake (0.9.2)
    ruby-graphviz (1.0.8)
    sqlite3 (1.3.6)
    tzinfo (0.3.33)

PLATFORMS
  java
  ruby

DEPENDENCIES
  active_record_deprecated_finders!
  activerecord!
  activerecord-jdbc-adapter
  jdbc-sqlite3
  jruby-openssl
  rails-erd!
  rake (~> 0.9)
  sqlite3
