PATH
  remote: .
  specs:
    rails-erd (1.2.0)
      activerecord (~> 3.2)
      activesupport (~> 3.2)
      choice (~> 0.1.6)
      ruby-graphviz (~> 1.0.4)

GEM
  remote: http://rubygems.org/
  specs:
    activemodel (3.2.19)
      activesupport (= 3.2.19)
      builder (~> 3.0.0)
    activerecord (3.2.19)
      activemodel (= 3.2.19)
      activesupport (= 3.2.19)
      arel (~> 3.0.2)
      tzinfo (~> 0.3.29)
    activerecord-jdbc-adapter (1.2.5)
    activerecord-jdbcsqlite3-adapter (1.2.5)
      activerecord-jdbc-adapter (~> 1.2.5)
      jdbc-sqlite3 (~> 3.7.2)
    activesupport (3.2.19)
      i18n (~> 0.6, >= 0.6.4)
      multi_json (~> 1.0)
    arel (3.0.3)
    bouncy-castle-java (1.5.0146.1)
    builder (3.0.4)
    choice (0.1.6)
    i18n (0.6.11)
    jdbc-sqlite3 (3.7.2)
    jruby-openssl (0.8.2)
      bouncy-castle-java (>= 1.5.0146.1)
    multi_json (1.10.1)
    rake (10.0.3)
    redcarpet (2.2.2)
    ruby-graphviz (1.0.8)
    sqlite3 (1.3.7)
    tzinfo (0.3.42)
    yard (0.8.3)

PLATFORMS
  java
  ruby

DEPENDENCIES
  activerecord-jdbcsqlite3-adapter
  jruby-openssl
  rails-erd!
  rake
  redcarpet
  sqlite3
  yard
