PATH
  remote: .
  specs:
    rails-erd (1.2.2)
      activerecord (~> 3.2)
      activesupport (~> 3.2)
      choice (~> 0.1.6)
      ruby-graphviz (~> 1.0.4)

GEM
  remote: http://rubygems.org/
  specs:
    activemodel (3.2.21)
      activesupport (= 3.2.21)
      builder (~> 3.0.0)
    activerecord (3.2.21)
      activemodel (= 3.2.21)
      activesupport (= 3.2.21)
      arel (~> 3.0.2)
      tzinfo (~> 0.3.29)
    activerecord-jdbc-adapter (1.3.13)
      activerecord (>= 2.2)
    activerecord-jdbcsqlite3-adapter (1.3.13)
      activerecord-jdbc-adapter (~> 1.3.13)
      jdbc-sqlite3 (>= 3.7.2, < 3.9)
    activesupport (3.2.21)
      i18n (~> 0.6, >= 0.6.4)
      multi_json (~> 1.0)
    arel (3.0.3)
    builder (3.0.4)
    choice (0.1.6)
    i18n (0.7.0)
    jdbc-sqlite3 (3.8.7)
    jruby-openssl (0.9.6-java)
    multi_json (1.10.1)
    rake (10.4.2)
    redcarpet (3.2.2)
    ruby-graphviz (1.0.9)
    sqlite3 (1.3.10)
    tzinfo (0.3.42)
    yard (0.8.7.6)

PLATFORMS
  java
  ruby

DEPENDENCIES
  activerecord-jdbcsqlite3-adapter
  jruby-openssl
  rails-erd!
  rake
  redcarpet
  sqlite3
  yard
